GEM
  remote: https://rubygems.org/
  specs:
    ansi (1.5.0)
    coderay (1.1.2)
    diff-lcs (1.3)
    dotenv (2.4.0)
    foreman (0.85.0)
      thor (~> 0.19.1)
    hashie (3.5.7)
    itamae (1.9.11)
      ansi
      hashie
      schash (~> 0.1.0)
      specinfra (>= 2.64.0, < 3.0.0)
      thor
    logstash-event (1.2.02)
    logstash-logger (0.26.1)
      logstash-event (~> 1.2)
    method_source (0.9.0)
    net-scp (1.2.1)
      net-ssh (>= 2.6.5)
    net-ssh (5.0.2)
    net-telnet (0.2.0)
    pry (0.11.3)
      coderay (~> 1.1.0)
      method_source (~> 0.9.0)
    puma (3.11.4)
    rack (2.0.5)
    rack-test (1.0.0)
      rack (>= 1.0, < 3)
    rake (12.3.1)
    require_all (2.0.0)
    rspec (3.7.0)
      rspec-core (~> 3.7.0)
      rspec-expectations (~> 3.7.0)
      rspec-mocks (~> 3.7.0)
    rspec-core (3.7.1)
      rspec-support (~> 3.7.0)
    rspec-expectations (3.7.0)
      diff-lcs (>= 1.2.0, < 2.0)
      rspec-support (~> 3.7.0)
    rspec-mocks (3.7.0)
      diff-lcs (>= 1.2.0, < 2.0)
      rspec-support (~> 3.7.0)
    rspec-support (3.7.1)
    schash (0.1.2)
    sfl (2.3)
    shotgun (0.9.2)
      rack (>= 1.0)
    specinfra (2.75.1)
      net-scp
      net-ssh (>= 2.7)
      net-telnet
      sfl
    thor (0.19.4)

PLATFORMS
  ruby

DEPENDENCIES
  dotenv (~> 2.4)
  foreman (~> 0.82)
  itamae (~> 1.9)
  logstash-logger (~> 0.26)
  pry (~> 0.11)
  puma (~> 3.11)
  rack (~> 2.0)
  rack-test (~> 1.0)
  rake (~> 12.3)
  require_all (~> 2.0)
  rspec (~> 3.7)
  shotgun (~> 0.9)

RUBY VERSION
   ruby 2.5.1p57

BUNDLED WITH
   1.16.3
